GEM
  remote: https://rubygems.org/
  remote: http://ldev.code-api-att.com:8808/
  specs:
    att-codekit (3.0.2)
      bundler (~> 1.3)
      immutable_struct
      json
      rake
      rest-client
    backports (3.3.5)
    daemons (1.1.9)
    eventmachine (1.0.3)
    immutable_struct (1.1.1)
    json (1.8.0)
    mime-types (1.25)
    multi_json (1.8.1)
    rack (1.5.2)
    rack-protection (1.5.0)
      rack
    rack-test (0.6.2)
      rack (>= 1.0)
    rake (10.1.0)
    rest-client (1.6.7)
      mime-types (>= 1.16)
    sinatra (1.4.3)
      rack (~> 1.4)
      rack-protection (~> 1.4)
      tilt (~> 1.3, >= 1.3.4)
    sinatra-contrib (1.4.1)
      backports (>= 2.0)
      multi_json
      rack-protection
      rack-test
      sinatra (~> 1.4.0)
      tilt (~> 1.3)
    thin (1.6.0)
      daemons (>= 1.0.9)
      eventmachine (>= 1.0.0)
      rack (>= 1.5.0)
    tilt (1.4.1)

PLATFORMS
  ruby

DEPENDENCIES
  att-codekit (~> 3.0)
  json (~> 1.8)
  rack (~> 1.5)
  rest-client (~> 1.6)
  sinatra (~> 1.4)
  sinatra-contrib
  thin (~> 1.6)
